GEM
  remote: https://rubygems.org/
  specs:
    bson (1.9.2)
    foreman (0.61.0-x86-mingw32)
      thor (>= 0.13.6)
      win32console (~> 1.3.0)
    haml (4.0.5)
      tilt
    mongo (1.9.2)
      bson (~> 1.9.2)
    newrelic_rpm (3.7.1.182)
    rack (1.5.2)
    sinatra (1.1.0)
      rack (~> 1.1)
      tilt (~> 1.1)
    thor (0.18.1)
    tilt (1.4.1)
    win32console (1.3.2)
    win32console (1.3.2-x86-mingw32)

PLATFORMS
  x86-mingw32

DEPENDENCIES
  foreman (= 0.61)
  haml
  mongo
  newrelic_rpm
  sinatra
